PATH
  remote: ./
  specs:
    motion_data (0.0.7)

GEM
  remote: http://rubygems.org/
  specs:
    ffi (1.1.1)
    kicker (3.0.0pre1)
      listen
    listen (0.4.7)
      rb-fchange (~> 0.0.5)
      rb-fsevent (~> 0.9.1)
      rb-inotify (~> 0.8.8)
    rake (0.9.2.2)
    rb-fchange (0.0.5)
      ffi
    rb-fsevent (0.9.1)
    rb-inotify (0.8.8)
      ffi (>= 0.5.0)

PLATFORMS
  ruby

DEPENDENCIES
  kicker (= 3.0.0pre1)
  motion_data!
  rake
